GEM
  remote: https://rubygems.org/
  specs:
    chunky_png (1.3.0)
    compass (1.0.0.alpha.19)
      chunky_png (~> 1.2)
      compass-core (~> 1.0.0.alpha.19)
      compass-import-once (~> 1.0.3)
      json
      listen (~> 1.1.0)
      sass (>= 3.3.0, < 3.5)
    compass-core (1.0.0.alpha.19)
      multi_json (~> 1.0)
      sass (>= 3.3.0, < 3.5)
    compass-import-once (1.0.4)
      sass (>= 3.2, < 3.5)
    ffi (1.9.3)
    json (1.8.1)
    libv8 (3.16.14.3)
    listen (1.1.6)
      rb-fsevent (>= 0.9.3)
      rb-inotify (>= 0.9)
      rb-kqueue (>= 0.2)
    multi_json (1.9.2)
    rb-fsevent (0.9.4)
    rb-inotify (0.9.3)
      ffi (>= 0.5.0)
    rb-kqueue (0.2.2)
      ffi (>= 0.5.0)
    ref (1.0.5)
    sass (3.3.5)
    therubyracer (0.12.1)
      libv8 (~> 3.16.14.0)
      ref
    wdm (0.1.0)

PLATFORMS
  ruby

DEPENDENCIES
  compass (~> 1.0.0.alpha.19)
  rb-fsevent (~> 0.9.1)
  rb-inotify (~> 0.9)
  sass (= 3.3.5)
  therubyracer
  wdm (>= 0.1.0)
